GIT
  remote: https://github.com/harvesthq/ranked-model.git
  revision: 8a70b396e762a7042cc63d215c38e8284ec19d4e
  ref: 8a70b396e762a7042cc6
  specs:
    ranked-model (0.0.4)
      activerecord (>= 3.0.3)

GEM
  remote: http://rubygems.org/
  specs:
    RedCloth (4.2.7)
    actionmailer (3.1.1)
      actionpack (= 3.1.1)
      mail (~> 2.3.0)
    actionpack (3.1.1)
      activemodel (= 3.1.1)
      activesupport (= 3.1.1)
      builder (~> 3.0.0)
      erubis (~> 2.7.0)
      i18n (~> 0.6)
      rack (~> 1.3.2)
      rack-cache (~> 1.1)
      rack-mount (~> 0.8.2)
      rack-test (~> 0.6.1)
      sprockets (~> 2.0.2)
    activemerchant (1.15.0)
      activesupport (>= 2.3.8)
      braintree (>= 2.0.0)
      builder (>= 2.0.0)
    activemodel (3.1.1)
      activesupport (= 3.1.1)
      builder (~> 3.0.0)
      i18n (~> 0.6)
    activerecord (3.1.1)
      activemodel (= 3.1.1)
      activesupport (= 3.1.1)
      arel (~> 2.2.1)
      tzinfo (~> 0.3.29)
    activeresource (3.1.1)
      activemodel (= 3.1.1)
      activesupport (= 3.1.1)
    activesupport (3.1.1)
      multi_json (~> 1.0)
    acts_as_list (0.1.3)
    arel (2.2.1)
    babosa (0.3.5)
    bcrypt-ruby (2.1.4)
    braintree (2.13.0)
      builder (>= 2.0.0)
    builder (3.0.0)
    capybara (1.0.0)
      mime-types (>= 1.16)
      nokogiri (>= 1.3.3)
      rack (>= 1.0.0)
      rack-test (>= 0.5.4)
      selenium-webdriver (~> 0.2.0)
      xpath (~> 0.1.4)
    capybara-webkit (0.7.2)
      capybara (>= 1.0.0, < 1.2)
    carmen (0.2.8)
    cells (3.6.2)
      actionpack (~> 3.0)
      railties (~> 3.0)
    childprocess (0.2.2)
      ffi (~> 1.0.6)
    chunky_png (1.2.5)
    coffee-filter (0.1.1)
      coffee-script (>= 2.2.0)
      haml (>= 3.0.18)
    coffee-script (2.2.0)
      coffee-script-source
      execjs
    coffee-script-source (1.1.2)
    compass (0.11.5)
      chunky_png (~> 1.2)
      fssm (>= 0.2.7)
      sass (~> 3.1)
    configuration (1.3.1)
    daemons (1.1.4)
    dalli (1.0.5)
    database_cleaner (0.6.7)
    decent_exposure (1.0.1)
    devise (1.4.2)
      bcrypt-ruby (~> 2.1.2)
      orm_adapter (~> 0.0.3)
      warden (~> 1.0.3)
    diff-lcs (1.1.3)
    dragonfly (0.9.5)
      rack
    erubis (2.7.0)
    eventmachine (0.12.10)
    excon (0.6.6)
    execjs (1.2.9)
      multi_json (~> 1.0)
    factory_girl (1.3.3)
    factory_girl_rails (1.0.1)
      factory_girl (~> 1.3)
      railties (>= 3.0.0)
    faker (0.9.5)
      i18n (~> 0.4)
    ffi (1.0.10)
    fog (0.10.0)
      builder
      excon (~> 0.6.5)
      formatador (~> 0.2.0)
      mime-types
      multi_json (~> 1.0.3)
      net-scp (~> 1.0.4)
      net-ssh (~> 2.1.4)
      nokogiri (~> 1.5.0)
      ruby-hmac
    formatador (0.2.1)
    formtastic (1.2.4)
      actionpack (>= 2.3.7)
      activesupport (>= 2.3.7)
      i18n (~> 0.4)
    friendly_id (3.3.0.alpha2)
      babosa (~> 0.3.0)
    fssm (0.2.7)
    haml (3.1.2)
    heroku (2.11.1)
      launchy (>= 0.3.2)
      rest-client (~> 1.6.1)
      rubyzip
      term-ansicolor (~> 1.0.5)
    heroku_san (1.2.2)
      heroku (>= 2)
      rails (>= 2)
    hike (1.2.1)
    i18n (0.6.0)
    jquery-rails (1.0.11)
      railties (~> 3.0)
      thor (~> 0.14)
    json (1.6.1)
    json_pure (1.6.1)
    kaminari (0.12.4)
      rails (>= 3.0.0)
    launchy (0.4.0)
      configuration (>= 0.0.5)
      rake (>= 0.8.1)
    mail (2.3.0)
      i18n (>= 0.4.0)
      mime-types (~> 1.16)
      treetop (~> 1.4.8)
    mail_form (1.3.0)
    mime-types (1.17.2)
    money (3.7.1)
      i18n (~> 0.4)
    multi_json (1.0.3)
    net-scp (1.0.4)
      net-ssh (>= 1.99.1)
    net-ssh (2.1.4)
    newrelic_rpm (3.3.0)
    nokogiri (1.5.0)
    orm_adapter (0.0.5)
    pg (0.11.0)
    polyglot (0.3.3)
    rack (1.3.5)
    rack-cache (1.1)
      rack (>= 0.4)
    rack-mount (0.8.3)
      rack (>= 1.0.0)
    rack-no-www (0.0.2)
    rack-rewrite (1.0.2)
    rack-ssl (1.3.2)
      rack
    rack-test (0.6.1)
      rack (>= 1.0)
    rack-timeout (0.0.3)
    rails (3.1.1)
      actionmailer (= 3.1.1)
      actionpack (= 3.1.1)
      activerecord (= 3.1.1)
      activeresource (= 3.1.1)
      activesupport (= 3.1.1)
      bundler (~> 1.0)
      railties (= 3.1.1)
    railties (3.1.1)
      actionpack (= 3.1.1)
      activesupport (= 3.1.1)
      rack-ssl (~> 1.3.2)
      rake (>= 0.8.7)
      rdoc (~> 3.4)
      thor (~> 0.14.6)
    rake (0.8.7)
    rdoc (3.11)
      json (~> 1.4)
    recaptcha (0.3.1)
    rest-client (1.6.7)
      mime-types (>= 1.16)
    rspec (2.6.0)
      rspec-core (~> 2.6.0)
      rspec-expectations (~> 2.6.0)
      rspec-mocks (~> 2.6.0)
    rspec-cells (0.0.5)
      cells (~> 3.4)
      rails (~> 3.0)
      rspec-rails (~> 2.2)
    rspec-core (2.6.4)
    rspec-expectations (2.6.0)
      diff-lcs (~> 1.1.2)
    rspec-mocks (2.6.0)
    rspec-rails (2.6.1)
      actionpack (~> 3.0)
      activesupport (~> 3.0)
      railties (~> 3.0)
      rspec (~> 2.6.0)
    ruby-hmac (0.4.0)
    rubyzip (0.9.4)
    sass (3.1.5)
    sass-rails (3.1.4)
      actionpack (~> 3.1.0)
      railties (~> 3.1.0)
      sass (>= 3.1.4)
      sprockets (~> 2.0.0)
      tilt (~> 1.3.2)
    selenium-webdriver (0.2.2)
      childprocess (>= 0.1.9)
      ffi (>= 1.0.7)
      json_pure
      rubyzip
    spork (0.9.0.rc8)
    sprockets (2.0.3)
      hike (~> 1.2)
      rack (~> 1.0)
      tilt (~> 1.1, != 1.3.0)
    sqlite3 (1.3.4)
    state_machine (1.0.1)
    term-ansicolor (1.0.7)
    thin (1.2.11)
      daemons (>= 1.0.9)
      eventmachine (>= 0.12.6)
      rack (>= 1.0.0)
    thor (0.14.6)
    tilt (1.3.3)
    treetop (1.4.10)
      polyglot
      polyglot (>= 0.3.1)
    tzinfo (0.3.31)
    uglifier (1.0.0)
      execjs (>= 0.3.0)
      multi_json (>= 1.0.2)
    warden (1.0.6)
      rack (>= 1.0)
    watchr (0.7)
    xpath (0.1.4)
      nokogiri (~> 1.3)

PLATFORMS
  ruby

DEPENDENCIES
  RedCloth (= 4.2.7)
  activemerchant (= 1.15.0)
  acts_as_list (= 0.1.3)
  capybara (= 1.0.0)
  capybara-webkit
  carmen (= 0.2.8)
  cells (= 3.6.2)
  coffee-filter (= 0.1.1)
  coffee-script (= 2.2.0)
  compass (= 0.11.5)
  dalli (= 1.0.5)
  database_cleaner (= 0.6.7)
  decent_exposure (= 1.0.1)
  devise (= 1.4.2)
  dragonfly (= 0.9.5)
  factory_girl_rails (= 1.0.1)
  faker (= 0.9.5)
  fog (= 0.10.0)
  formtastic (= 1.2.4)
  friendly_id (= 3.3.0.alpha2)
  haml (= 3.1.2)
  heroku_san (= 1.2.2)
  jquery-rails (= 1.0.11)
  kaminari (= 0.12.4)
  launchy (= 0.4.0)
  mail_form (= 1.3.0)
  money (= 3.7.1)
  newrelic_rpm
  pg (= 0.11.0)
  rack-cache (~> 1.1)
  rack-no-www (= 0.0.2)
  rack-rewrite (= 1.0.2)
  rack-timeout (= 0.0.3)
  rails (= 3.1.1)
  rake (= 0.8.7)
  ranked-model!
  recaptcha (= 0.3.1)
  rspec-cells (= 0.0.5)
  rspec-rails (= 2.6.1)
  sass (= 3.1.5)
  sass-rails (~> 3.1.4)
  spork (= 0.9.0rc8)
  sqlite3 (= 1.3.4)
  state_machine (= 1.0.1)
  thin (= 1.2.11)
  uglifier (= 1.0.0)
  watchr (= 0.7)
