GIT
  remote: git://github.com/rails/rails.git
  revision: 9a6b96a61a74761ec9fcd6bbf7e895b61029fb93
  branch: 3-1-stable
  specs:
    actionmailer (3.1.0.rc4)
      actionpack (= 3.1.0.rc4)
      mail (~> 2.3.0)
    actionpack (3.1.0.rc4)
      activemodel (= 3.1.0.rc4)
      activesupport (= 3.1.0.rc4)
      builder (~> 3.0.0)
      erubis (~> 2.7.0)
      i18n (~> 0.6)
      rack (~> 1.3.1)
      rack-cache (~> 1.0.2)
      rack-mount (~> 0.8.1)
      rack-test (~> 0.6.0)
      sprockets (~> 2.0.0.beta.10)
    activemodel (3.1.0.rc4)
      activesupport (= 3.1.0.rc4)
      bcrypt-ruby (~> 2.1.4)
      builder (~> 3.0.0)
      i18n (~> 0.6)
    activerecord (3.1.0.rc4)
      activemodel (= 3.1.0.rc4)
      activesupport (= 3.1.0.rc4)
      arel (~> 2.1.3)
      tzinfo (~> 0.3.29)
    activeresource (3.1.0.rc4)
      activemodel (= 3.1.0.rc4)
      activesupport (= 3.1.0.rc4)
    activesupport (3.1.0.rc4)
      multi_json (~> 1.0)
    rails (3.1.0.rc4)
      actionmailer (= 3.1.0.rc4)
      actionpack (= 3.1.0.rc4)
      activerecord (= 3.1.0.rc4)
      activeresource (= 3.1.0.rc4)
      activesupport (= 3.1.0.rc4)
      bundler (~> 1.0)
      railties (= 3.1.0.rc4)
    railties (3.1.0.rc4)
      actionpack (= 3.1.0.rc4)
      activesupport (= 3.1.0.rc4)
      rack-ssl (~> 1.3.2)
      rake (>= 0.8.7)
      rdoc (~> 3.4)
      thor (~> 0.14.6)

GIT
  remote: git://github.com/sstephenson/sprockets.git
  revision: 84845630827f50d894984773236291fbcd33d1f0
  specs:
    sprockets (2.0.0.beta.11)
      hike (~> 1.2)
      rack (~> 1.0)
      tilt (~> 1.1, != 1.3.0)

GIT
  remote: https://github.com/chriseppstein/compass.git
  revision: 2c1fcfcad708875d10db65740aabf417abc636a6
  branch: rails31
  specs:
    compass (0.11.3.rails.0.2c1fcfc)
      chunky_png (~> 1.2)
      fssm (>= 0.2.7)
      sass (~> 3.1)

GIT
  remote: https://github.com/harvesthq/ranked-model.git
  revision: 8a70b396e762a7042cc63d215c38e8284ec19d4e
  ref: 8a70b396e762a7042cc6
  specs:
    ranked-model (0.0.4)
      activerecord (>= 3.0.3)

GEM
  remote: http://rubygems.org/
  specs:
    RedCloth (4.2.7)
    activemerchant (1.15.0)
      activesupport (>= 2.3.8)
      braintree (>= 2.0.0)
      builder (>= 2.0.0)
    acts_as_list (0.1.3)
    arel (2.1.3)
    babosa (0.3.5)
    bcrypt-ruby (2.1.4)
    braintree (2.10.1)
      builder (>= 2.0.0)
    builder (3.0.0)
    capybara (1.0.0)
      mime-types (>= 1.16)
      nokogiri (>= 1.3.3)
      rack (>= 1.0.0)
      rack-test (>= 0.5.4)
      selenium-webdriver (~> 0.2.0)
      xpath (~> 0.1.4)
    capybara-webkit (1.0.0.beta4)
      capybara (~> 1.0.0)
    carmen (0.2.8)
    cells (3.6.2)
      actionpack (~> 3.0)
      railties (~> 3.0)
    childprocess (0.2.0)
      ffi (~> 1.0.6)
    chunky_png (1.2.0)
    coffee-filter (0.1.1)
      coffee-script (>= 2.2.0)
      haml (>= 3.0.18)
    coffee-script (2.2.0)
      coffee-script-source
      execjs
    coffee-script-source (1.1.1)
    configuration (1.3.1)
    daemons (1.1.4)
    database_cleaner (0.6.7)
    decent_exposure (1.0.1)
    devise (1.4.2)
      bcrypt-ruby (~> 2.1.2)
      orm_adapter (~> 0.0.3)
      warden (~> 1.0.3)
    diff-lcs (1.1.2)
    dragonfly (0.9.4)
      rack
    erubis (2.7.0)
    eventmachine (0.12.10)
    excon (0.6.5)
    execjs (1.2.0)
      multi_json (~> 1.0)
    factory_girl (1.3.3)
    factory_girl_rails (1.0.1)
      factory_girl (~> 1.3)
      railties (>= 3.0.0)
    faker (0.9.5)
      i18n (~> 0.4)
    ffi (1.0.9)
    fog (0.9.0)
      builder
      excon (~> 0.6.1)
      formatador (>= 0.1.3)
      json
      mime-types
      net-scp (>= 1.0.4)
      net-ssh (>= 2.1.4)
      nokogiri (>= 1.4.4)
      ruby-hmac
    formatador (0.2.0)
    formtastic (1.2.4)
      actionpack (>= 2.3.7)
      activesupport (>= 2.3.7)
      i18n (~> 0.4)
    friendly_id (3.3.0.alpha2)
      babosa (~> 0.3.0)
    fssm (0.2.7)
    haml (3.1.2)
    heroku (2.3.6)
      launchy (>= 0.3.2)
      rest-client (~> 1.6.1)
      term-ansicolor (~> 1.0.5)
    heroku_san (1.2.2)
      heroku (>= 2)
      rails (>= 2)
    hike (1.2.0)
    i18n (0.6.0)
    jquery-rails (1.0.11)
      railties (~> 3.0)
      thor (~> 0.14)
    json (1.5.3)
    json_pure (1.5.3)
    kaminari (0.12.4)
      rails (>= 3.0.0)
    launchy (0.4.0)
      configuration (>= 0.0.5)
      rake (>= 0.8.1)
    mail (2.3.0)
      i18n (>= 0.4.0)
      mime-types (~> 1.16)
      treetop (~> 1.4.8)
    mime-types (1.16)
    money (3.7.1)
      i18n (~> 0.4)
    multi_json (1.0.3)
    net-scp (1.0.4)
      net-ssh (>= 1.99.1)
    net-ssh (2.1.4)
    newrelic_rpm (3.1.0)
    nokogiri (1.5.0)
    orm_adapter (0.0.5)
    pg (0.11.0)
    polyglot (0.3.1)
    rack (1.3.1)
    rack-cache (1.0.2)
      rack (>= 0.4)
    rack-mount (0.8.1)
      rack (>= 1.0.0)
    rack-ssl (1.3.2)
      rack
    rack-test (0.6.0)
      rack (>= 1.0)
    rake (0.8.7)
    rdoc (3.8)
    rest-client (1.6.3)
      mime-types (>= 1.16)
    rspec (2.6.0)
      rspec-core (~> 2.6.0)
      rspec-expectations (~> 2.6.0)
      rspec-mocks (~> 2.6.0)
    rspec-cells (0.0.5)
      cells (~> 3.4)
      rails (~> 3.0)
      rspec-rails (~> 2.2)
    rspec-core (2.6.4)
    rspec-expectations (2.6.0)
      diff-lcs (~> 1.1.2)
    rspec-mocks (2.6.0)
    rspec-rails (2.6.1)
      actionpack (~> 3.0)
      activesupport (~> 3.0)
      railties (~> 3.0)
      rspec (~> 2.6.0)
    ruby-hmac (0.4.0)
    rubyzip (0.9.4)
    sass (3.1.4)
    sass-rails (3.1.0.rc.4)
      actionpack (~> 3.1.0.rc1)
      railties (~> 3.1.0.rc1)
      sass (>= 3.1.4)
      sprockets (>= 2.0.0.beta.9)
    selenium-webdriver (0.2.2)
      childprocess (>= 0.1.9)
      ffi (>= 1.0.7)
      json_pure
      rubyzip
    spork (0.9.0.rc8)
    sqlite3 (1.3.3)
    state_machine (1.0.1)
    term-ansicolor (1.0.5)
    thin (1.2.11)
      daemons (>= 1.0.9)
      eventmachine (>= 0.12.6)
      rack (>= 1.0.0)
    thor (0.14.6)
    tilt (1.3.2)
    treetop (1.4.9)
      polyglot (>= 0.3.1)
    tzinfo (0.3.29)
    uglifier (1.0.0)
      execjs (>= 0.3.0)
      multi_json (>= 1.0.2)
    warden (1.0.4)
      rack (>= 1.0)
    watchr (0.7)
    xpath (0.1.4)
      nokogiri (~> 1.3)

PLATFORMS
  ruby

DEPENDENCIES
  RedCloth (= 4.2.7)
  activemerchant (= 1.15.0)
  acts_as_list (= 0.1.3)
  capybara (= 1.0.0)
  capybara-webkit (= 1.0.0.beta4)
  carmen (= 0.2.8)
  cells (= 3.6.2)
  coffee-filter (= 0.1.1)
  coffee-script (= 2.2.0)
  compass!
  database_cleaner (= 0.6.7)
  decent_exposure (= 1.0.1)
  devise (= 1.4.2)
  dragonfly (= 0.9.4)
  factory_girl_rails (= 1.0.1)
  faker (= 0.9.5)
  fog (= 0.9.0)
  formtastic (= 1.2.4)
  friendly_id (= 3.3.0.alpha2)
  haml (= 3.1.2)
  heroku_san (= 1.2.2)
  jquery-rails (= 1.0.11)
  kaminari (= 0.12.4)
  launchy (= 0.4.0)
  money (= 3.7.1)
  newrelic_rpm (= 3.1.0)
  pg (= 0.11.0)
  rails!
  rake (= 0.8.7)
  ranked-model!
  rspec-cells (= 0.0.5)
  rspec-rails (= 2.6.1)
  sass-rails (~> 3.1.0.rc)
  spork (= 0.9.0rc8)
  sprockets!
  sqlite3 (= 1.3.3)
  state_machine (= 1.0.1)
  thin (= 1.2.11)
  uglifier (= 1.0.0)
  watchr (= 0.7)
